GEM
  remote: https://rubygems.org/
  specs:
    coderay (1.1.0)
    i18n (0.7.0)
    method_source (0.8.2)
    pry (0.10.1)
      coderay (~> 1.1.0)
      method_source (~> 0.8.1)
      slop (~> 3.4)
    ruby-enum (0.4.0)
      i18n
    slop (3.6.0)

PLATFORMS
  ruby

DEPENDENCIES
  pry
  ruby-enum
