GEM
  remote: https://rubygems.org/
  specs:
    i18n (0.7.0)
    ruby-enum (0.4.0)
      i18n

PLATFORMS
  ruby

DEPENDENCIES
  ruby-enum
